PATH
  remote: .
  specs:
    has_schedule (1.2.2)
      ice_cube
      ryansch-andand (~> 1.3.2)

GEM
  remote: https://rubygems.org/
  specs:
    ice_cube (0.7.6)
    ryansch-andand (1.3.2)

PLATFORMS
  ruby

DEPENDENCIES
  has_schedule!
